GEM
  remote: https://rubygems.org/
  specs:
    activesupport (3.2.18)
      i18n (~> 0.6, >= 0.6.4)
      multi_json (~> 1.0)
    claide (0.3.2)
    cocoapods (0.25.0)
      activesupport (~> 3.0)
      claide (~> 0.3.2)
      cocoapods-core (= 0.25.0)
      cocoapods-downloader (~> 0.2.0)
      colored (~> 1.2)
      escape (~> 0.0.4)
      json (~> 1.8)
      open4 (~> 1.3)
      xcodeproj (~> 0.11.0)
    cocoapods-core (0.25.0)
      activesupport (~> 3.0)
      json (~> 1.8)
      nap (~> 0.5)
    cocoapods-downloader (0.2.0)
    colored (1.2)
    escape (0.0.4)
    i18n (0.6.9)
    ib (0.4.2)
      thor (>= 0.15.4)
      tilt (>= 1.4.1)
      xcodeproj (>= 0.11.1)
    json (1.8.1)
    motion-bundler (0.2.1)
      thor
    motion-cocoapods (1.3.7)
      cocoapods (>= 0.17.0)
    motion-testflight (1.5.1)
    multi_json (1.10.1)
    nap (0.7.0)
    open4 (1.3.4)
    rake (10.3.2)
    thor (0.19.1)
    tilt (2.0.1)
    xcodeproj (0.11.1)
      activesupport (~> 3.0)
      colored (~> 1.2)

PLATFORMS
  ruby

DEPENDENCIES
  ib (= 0.4.2)
  motion-bundler
  motion-cocoapods
  motion-testflight
  rake
  xcodeproj (= 0.11.1)
